PATH
  remote: .
  specs:
    ps5_watcher (0.1.0)
      dotenv
      nokogiri (>= 1.10.8)

GEM
  remote: https://rubygems.org/
  specs:
    diff-lcs (1.3)
    dotenv (2.7.6)
    mini_portile2 (2.4.0)
    nokogiri (1.10.10)
      mini_portile2 (~> 2.4.0)
    rake (13.0.1)
    rspec (3.9.0)
      rspec-core (~> 3.9.0)
      rspec-expectations (~> 3.9.0)
      rspec-mocks (~> 3.9.0)
    rspec-core (3.9.1)
      rspec-support (~> 3.9.1)
    rspec-expectations (3.9.0)
      diff-lcs (>= 1.2.0, < 2.0)
      rspec-support (~> 3.9.0)
    rspec-mocks (3.9.1)
      diff-lcs (>= 1.2.0, < 2.0)
      rspec-support (~> 3.9.0)
    rspec-support (3.9.2)

PLATFORMS
  ruby

DEPENDENCIES
  bundler (~> 2.0)
  ps5_watcher!
  rake (>= 12.3.3)
  rspec (~> 3.0)

BUNDLED WITH
   2.0.1
